GEM
  remote: http://rubygems.org/
  specs:
    andand (1.3.1)
    diff-lcs (1.1.3)
    facets (2.9.1)
    fattr (2.2.1)
    git (1.2.5)
    grit (2.5.0)
      diff-lcs (~> 1.1)
      mime-types (~> 1.15)
      posix-spawn (~> 0.3.6)
    jeweler (1.5.2)
      bundler (~> 1.0.0)
      git (>= 1.2.5)
      rake
    lre (0.3.0)
      fattr
      mharris_ext
      rake (>= 0.8.7)
      watchr
    mharris_ext (1.5.0)
      facets
      fattr
    mime-types (1.18)
    posix-spawn (0.3.6)
    rake (0.9.2.2)
    rcov (0.9.9)
    repl_index (0.0.1)
      mharris_ext
    rspec (2.3.0)
      rspec-core (~> 2.3.0)
      rspec-expectations (~> 2.3.0)
      rspec-mocks (~> 2.3.0)
    rspec-core (2.3.1)
    rspec-expectations (2.3.0)
      diff-lcs (~> 1.1.2)
    rspec-mocks (2.3.0)
    watchr (0.7)

PLATFORMS
  x86-mingw32

DEPENDENCIES
  andand
  bundler (~> 1.0.0)
  fattr
  grit
  jeweler (~> 1.5.2)
  lre
  mharris_ext
  rcov
  repl_index
  rspec (~> 2.3.0)
