GEM
  remote: http://rubygems.org/
  specs:
    facets (2.9.1)
    fattr (2.2.1)
    git (1.2.5)
    jeweler (1.5.2)
      bundler (~> 1.0.0)
      git (>= 1.2.5)
      rake
    mharris_ext (1.5.0)
      facets
      fattr
    rake (0.9.2.2)
    rcov (0.9.9)

PLATFORMS
  x86-mingw32

DEPENDENCIES
  bundler (~> 1.0.0)
  fattr
  jeweler (~> 1.5.2)
  mharris_ext
  rcov
